GEM
  remote: https://rubygems.org/
  specs:
    minitest (5.25.4)
    rake (13.1.0)

PLATFORMS
  ruby
  x86_64-linux

DEPENDENCIES
  minitest
  rake

BUNDLED WITH
   2.5.11
